PATH
  remote: .
  specs:
    logstash-input-LDAPSearch (0.0.1)
      logstash-core (>= 1.4.0, < 2.0.0)

GEM
  remote: https://rubygems.org/
  specs:
    cabin (0.7.1)
    clamp (0.6.5)
    coderay (1.1.0)
    diff-lcs (1.2.5)
    ffi (1.9.8-java)
    filesize (0.0.4)
    gem_publisher (1.5.0)
    i18n (0.6.9)
    insist (1.0.0)
    jrjackson (0.2.8)
    jruby-ldap (0.0.2)
    logstash-core (1.5.0-java)
      cabin (~> 0.7.0)
      clamp (~> 0.6.5)
      filesize (= 0.0.4)
      i18n (= 0.6.9)
      jrjackson (~> 0.2.8)
      minitar (~> 0.5.4)
      pry (~> 0.10.1)
      stud (~> 0.0.19)
      treetop (< 1.5.0)
    logstash-devutils (0.0.13-java)
      gem_publisher
      insist (= 1.0.0)
      minitar
      rake
      rspec (~> 2.14.0)
    method_source (0.8.2)
    minitar (0.5.4)
    polyglot (0.3.5)
    pry (0.10.1-java)
      coderay (~> 1.1.0)
      method_source (~> 0.8.1)
      slop (~> 3.4)
      spoon (~> 0.0)
    rake (10.4.2)
    rspec (2.14.1)
      rspec-core (~> 2.14.0)
      rspec-expectations (~> 2.14.0)
      rspec-mocks (~> 2.14.0)
    rspec-core (2.14.8)
    rspec-expectations (2.14.5)
      diff-lcs (>= 1.1.3, < 2.0)
    rspec-mocks (2.14.6)
    slop (3.6.0)
    spoon (0.0.4)
      ffi
    stud (0.0.19)
    treetop (1.4.15)
      polyglot
      polyglot (>= 0.3.1)

PLATFORMS
  java

DEPENDENCIES
  jruby-ldap
  logstash-devutils
  logstash-input-LDAPSearch!
